GEM
  remote: https://rubygems.org/
  specs:
    autoprefixer-rails (6.3.6.1)
      execjs
    codeclimate-test-reporter (0.5.0)
      simplecov (>= 0.7.1, < 1.0.0)
    coderay (1.1.1)
    concurrent-ruby (1.0.2)
    daemons (1.2.3)
    docile (1.1.5)
    dotenv (2.1.1)
    eventmachine (1.2.0.1)
    execjs (2.6.0)
    foreman (0.81.0)
      thor (~> 0.19.1)
    json (1.8.3)
    method_source (0.8.2)
    minitest (5.8.4)
    pry (0.10.3)
      coderay (~> 1.1.0)
      method_source (~> 0.8.1)
      slop (~> 3.4)
    rack (1.6.4)
    rack-protection (1.5.3)
      rack
    rack-test (0.6.3)
      rack (>= 1.0)
    rake (11.1.2)
    sass (3.4.22)
    simplecov (0.11.2)
      docile (~> 1.1.0)
      json (~> 1.8)
      simplecov-html (~> 0.10.0)
    simplecov-html (0.10.0)
    sinatra (1.4.7)
      rack (~> 1.5)
      rack-protection (~> 1.4)
      tilt (>= 1.3, < 3)
    slim (3.0.6)
      temple (~> 0.7.3)
      tilt (>= 1.3.3, < 2.1)
    slop (3.6.0)
    sprockets (3.6.0)
      concurrent-ruby (~> 1.0)
      rack (> 1, < 3)
    temple (0.7.6)
    thin (1.6.4)
      daemons (~> 1.0, >= 1.0.9)
      eventmachine (~> 1.0, >= 1.0.4)
      rack (~> 1.0)
    thor (0.19.1)
    tilt (2.0.3)
    uglifier (3.0.0)
      execjs (>= 0.3.0, < 3)

PLATFORMS
  ruby

DEPENDENCIES
  autoprefixer-rails
  codeclimate-test-reporter
  dotenv
  foreman
  minitest
  pry
  rack
  rack-test
  rake
  sass
  sinatra
  slim
  sprockets
  thin
  uglifier

RUBY VERSION
   ruby 2.3.1p112

BUNDLED WITH
   1.12.3
