GEM
  remote: https://rubygems.org/
  specs:
    codeclimate-test-reporter (0.4.7)
      simplecov (>= 0.7.1, < 1.0.0)
    daemons (1.2.2)
    docile (1.1.5)
    dotenv (2.0.1)
    eventmachine (1.0.7)
    foreman (0.78.0)
      thor (~> 0.19.1)
    haml (4.0.6)
      tilt
    json (1.8.2)
    minitest (5.6.0)
    rack (1.6.0)
    rack-protection (1.5.3)
      rack
    rack-test (0.6.3)
      rack (>= 1.0)
    rake (10.4.2)
    sass (3.4.13)
    simplecov (0.10.0)
      docile (~> 1.1.0)
      json (~> 1.8)
      simplecov-html (~> 0.10.0)
    simplecov-html (0.10.0)
    sinatra (1.4.6)
      rack (~> 1.4)
      rack-protection (~> 1.4)
      tilt (>= 1.3, < 3)
    thin (1.6.3)
      daemons (~> 1.0, >= 1.0.9)
      eventmachine (~> 1.0)
      rack (~> 1.0)
    thor (0.19.1)
    tilt (2.0.1)

PLATFORMS
  ruby

DEPENDENCIES
  codeclimate-test-reporter
  dotenv
  foreman
  haml
  minitest
  rack
  rack-test
  rake
  sass
  sinatra
  thin
